GEM
  remote: http://rubygems.org/
  specs:
    activesupport (3.0.5)
    addressable (2.2.4)
    bcrypt-ruby (2.1.4)
    bson (1.2.4)
    bson_ext (1.2.4)
    builder (2.1.2)
    capybara (0.4.1.2)
      celerity (>= 0.7.9)
      culerity (>= 0.2.4)
      mime-types (>= 1.16)
      nokogiri (>= 1.3.3)
      rack (>= 1.0.0)
      rack-test (>= 0.5.4)
      selenium-webdriver (>= 0.0.27)
      xpath (~> 0.1.3)
    celerity (0.8.8)
    childprocess (0.1.8)
      ffi (~> 1.0.6)
    coffee-script (2.2.0)
      coffee-script-source
      execjs
    coffee-script-source (1.0.1)
    culerity (0.2.15)
    database_cleaner (0.6.6)
    execjs (0.1.0)
    factory_girl (1.3.3)
    faraday (0.5.7)
      addressable (~> 2.2.4)
      multipart-post (~> 1.1.0)
      rack (>= 1.1.0, < 2)
    faraday_middleware (0.3.2)
      faraday (~> 0.5.4)
    ffi (1.0.7)
      rake (>= 0.8.7)
    haml (3.0.25)
    hashie (1.0.0)
    i18n (0.5.0)
    jnunemaker-validatable (1.8.4)
      activesupport (>= 2.3.4)
    json_pure (1.5.1)
    mail (2.2.15)
      activesupport (>= 2.3.6)
      i18n (>= 0.4.0)
      mime-types (~> 1.16)
      treetop (~> 1.4.8)
    mime-types (1.16)
    mocha (0.9.12)
    mongo (1.2.4)
      bson (>= 1.2.4)
    mongo_mapper (0.8.6)
      activesupport (>= 2.3.4)
      jnunemaker-validatable (~> 1.8.4)
      plucky (~> 0.3.6)
    multi_json (0.0.5)
    multi_xml (0.2.2)
    multipart-post (1.1.0)
    mustache (0.99.3)
    net-ldap (0.1.1)
    newrelic_rpm (2.13.4)
    nokogiri (1.4.4)
    oa-basic (0.2.0)
      multi_json (~> 0.0.2)
      nokogiri (~> 1.4.2)
      oa-core (= 0.2.0)
      rest-client (~> 1.6.0)
    oa-core (0.2.0)
      rack (~> 1.1)
    oa-enterprise (0.2.0)
      net-ldap (~> 0.1.1)
      nokogiri (~> 1.4.2)
      oa-core (= 0.2.0)
      pyu-ruby-sasl (~> 0.0.3.1)
      rubyntlm (~> 0.1.1)
    oa-more (0.2.0)
      multi_json (~> 0.0.2)
      oa-core (= 0.2.0)
      rest-client (~> 1.6.0)
    oa-oauth (0.2.0)
      multi_json (~> 0.0.2)
      nokogiri (~> 1.4.2)
      oa-core (= 0.2.0)
      oauth (~> 0.4.0)
      oauth2 (~> 0.1.1)
    oa-openid (0.2.0)
      oa-core (= 0.2.0)
      rack-openid (~> 1.2.0)
      ruby-openid-apps-discovery
    oauth (0.4.4)
    oauth2 (0.1.1)
      faraday (~> 0.5.0)
      multi_json (~> 0.0.4)
    omniauth (0.2.0)
      oa-basic (= 0.2.0)
      oa-core (= 0.2.0)
      oa-enterprise (= 0.2.0)
      oa-more (= 0.2.0)
      oa-oauth (= 0.2.0)
      oa-openid (= 0.2.0)
    opub (0.0.1)
    ostatus (0.0.6)
      nokogiri
      oauth
      tinyatom
    osub (0.0.4)
      ostatus
      ruby-hmac
    plucky (0.3.7)
      mongo (~> 1.1)
    polyglot (0.3.1)
    pony (1.1)
      mail (> 2.0)
    public_suffix_service (0.8.2)
    pygmentize (0.0.2)
    pyu-ruby-sasl (0.0.3.2)
    rack (1.2.2)
    rack-flash (0.1.1)
      rack
    rack-openid (1.2.0)
      rack (>= 1.1.0)
      ruby-openid (>= 2.1.8)
    rack-test (0.5.7)
      rack (>= 1.0)
    rake (0.8.7)
    rdiscount (1.6.8)
    redfinger (0.1.0)
      hashie
      nokogiri (>= 1.4.0)
      rest-client (>= 1.5.0)
    rest-client (1.6.1)
      mime-types (>= 1.16)
    rocco (0.6)
      mustache
      rdiscount
    ruby-hmac (0.4.0)
    ruby-openid (2.1.8)
    ruby-openid-apps-discovery (1.2.0)
      ruby-openid (>= 2.1.7)
    rubyntlm (0.1.1)
    rubyzip (0.9.4)
    selenium-webdriver (0.1.4)
      childprocess (>= 0.1.7)
      ffi (>= 1.0.7)
      json_pure
      rubyzip
    simple_oauth (0.1.4)
    sinatra (1.2.1)
      rack (~> 1.1)
      tilt (>= 1.2.2, < 2.0)
    sinatra-content-for (0.2)
      sinatra
    tilt (1.2.2)
    time-ago-in-words (0.1.2)
    tinyatom (0.3.4)
      builder (~> 2.0)
      public_suffix_service (~> 0.0)
    treetop (1.4.9)
      polyglot (>= 0.3.1)
    twitter (1.2.0)
      faraday (~> 0.5.4)
      faraday_middleware (~> 0.3.2)
      hashie (~> 1.0.0)
      multi_json (~> 0.0.5)
      multi_xml (~> 0.2.0)
      simple_oauth (~> 0.1.4)
    xpath (0.1.3)
      nokogiri (~> 1.3)

PLATFORMS
  ruby

DEPENDENCIES
  bcrypt-ruby
  bson_ext
  capybara
  coffee-script
  database_cleaner
  factory_girl
  haml
  i18n
  mocha
  mongo_mapper
  newrelic_rpm
  nokogiri (= 1.4.4)
  omniauth
  opub
  ostatus
  osub
  pony
  pygmentize
  rack-flash
  rack-test
  rdiscount
  redfinger
  rocco
  sinatra
  sinatra-content-for
  time-ago-in-words
  twitter
